GEM
  specs:
    ansi (1.5.0)
    builder (3.2.4)
    coderay (1.1.2)
    method_source (0.9.2)
    minitest (5.13.0)
    minitest-hooks (1.5.0)
      minitest (> 5.3)
    minitest-reporters (1.4.2)
      ansi
      builder
      minitest (>= 5.0)
      ruby-progressbar
    pry (0.12.2)
      coderay (~> 1.1.0)
      method_source (~> 0.9.0)
    ruby-progressbar (1.10.1)

PLATFORMS
  x64-mingw32

DEPENDENCIES
  minitest
  minitest-hooks
  minitest-reporters
  pry

RUBY VERSION
   ruby 2.5.3p105

BUNDLED WITH
   2.1.1
